GEM
  remote: https://rubygems.org/
  specs:
    babosa (1.0.2)
    colorator (0.1)
    commonjs (0.2.7)
    execjs (2.6.0)
    ffi (1.9.10)
    gsl (2.1.0)
    jekyll (3.1.2)
      colorator (~> 0.1)
      jekyll-sass-converter (~> 1.0)
      jekyll-watch (~> 1.1)
      kramdown (~> 1.3)
      liquid (~> 3.0)
      mercenary (~> 0.3.3)
      rouge (~> 1.7)
      safe_yaml (~> 1.0)
    jekyll-less (0.0.4)
      jekyll (>= 0.10.0)
      less (>= 2.0.5)
    jekyll-sass-converter (1.4.0)
      sass (~> 3.4)
    jekyll-watch (1.3.1)
      listen (~> 3.0)
    kramdown (1.10.0)
    less (2.4.0)
      commonjs (~> 0.2.7)
    libv8 (3.16.14.13)
    liquid (3.0.6)
    listen (3.0.6)
      rb-fsevent (>= 0.9.3)
      rb-inotify (>= 0.9.7)
    mercenary (0.3.6)
    rake (11.1.2)
    rb-fsevent (0.9.7)
    rb-gsl (1.16.0.6)
      gsl
    rb-inotify (0.9.7)
      ffi (>= 0.5.0)
    redcarpet (3.3.4)
    ref (2.0.0)
    rouge (1.10.1)
    safe_yaml (1.0.4)
    sass (3.4.22)
    therubyracer (0.12.2)
      libv8 (~> 3.16.14.0)
      ref
    uglifier (3.0.0)
      execjs (>= 0.3.0, < 3)

PLATFORMS
  ruby

DEPENDENCIES
  babosa
  jekyll
  jekyll-less
  less (~> 2.4.0)
  rake
  rb-gsl
  redcarpet
  therubyracer
  uglifier

BUNDLED WITH
   1.11.2
